PATH
  remote: .
  specs:
    librato-storm-kafka (0.0.3)
      aws-sdk
      excon
      faraday_middleware
      honeybadger
      kafka-rb
      librato-metrics
      multi_xml
      nokogiri
      trollop
      yajl-ruby
      zookeeper

GEM
  remote: http://rubygems.org/
  specs:
    aggregate (0.2.2)
    aws-sdk (2.2.11)
      aws-sdk-resources (= 2.2.11)
    aws-sdk-core (2.2.11)
      jmespath (~> 1.0)
    aws-sdk-resources (2.2.11)
      aws-sdk-core (= 2.2.11)
    excon (0.45.4)
    faraday (0.9.2)
      multipart-post (>= 1.2, < 3)
    faraday_middleware (0.10.0)
      faraday (>= 0.7.4, < 0.10)
    honeybadger (2.3.3)
    jmespath (1.1.3)
    kafka-rb (0.0.15)
    librato-metrics (1.6.0)
      aggregate (~> 0.2.2)
      faraday (~> 0.7)
      multi_json
    mini_portile (0.6.0)
    multi_json (1.11.2)
    multi_xml (0.5.5)
    multipart-post (2.0.0)
    nokogiri (1.6.2.1)
      mini_portile (= 0.6.0)
    rake (10.0.2)
    trollop (2.1.2)
    yajl-ruby (1.2.1)
    zookeeper (1.4.11)

PLATFORMS
  ruby

DEPENDENCIES
  librato-storm-kafka!
  rake

BUNDLED WITH
   1.11.2
