PATH
  remote: .
  specs:
    librato-storm-kafka (0.0.2)
      faraday_middleware
      kafka-rb
      librato-metrics
      multi_xml
      trollop
      yajl-ruby
      zookeeper

GEM
  remote: http://rubygems.org/
  specs:
    aggregate (0.2.2)
    faraday (0.8.8)
      multipart-post (~> 1.2.0)
    faraday_middleware (0.9.0)
      faraday (>= 0.7.4, < 0.9)
    kafka-rb (0.0.11)
    librato-metrics (1.1.1)
      aggregate (~> 0.2.2)
      faraday (~> 0.7)
      multi_json
    little-plugger (1.1.3)
    logging (1.7.2)
      little-plugger (>= 1.1.3)
    multi_json (1.7.9)
    multi_xml (0.5.1)
    multipart-post (1.2.0)
    rake (10.0.2)
    trollop (2.0)
    yajl-ruby (1.1.0)
    zookeeper (1.3.0)
      logging (~> 1.7.2)

PLATFORMS
  ruby

DEPENDENCIES
  librato-storm-kafka!
  rake
