PATH
  remote: .
  specs:
    librato-storm-kafka (0.0.3)
      aws-sdk
      excon
      faraday_middleware
      kafka-rb
      librato-metrics
      multi_xml
      trollop
      yajl-ruby
      zookeeper

GEM
  remote: http://rubygems.org/
  specs:
    aggregate (0.2.2)
    aws-sdk (1.43.3)
      json (~> 1.4)
      nokogiri (>= 1.4.4)
    excon (0.37.0)
    faraday (0.9.0)
      multipart-post (>= 1.2, < 3)
    faraday_middleware (0.9.1)
      faraday (>= 0.7.4, < 0.10)
    json (1.8.1)
    kafka-rb (0.0.15)
    librato-metrics (1.4.0)
      aggregate (~> 0.2.2)
      faraday (~> 0.7)
      multi_json
    mini_portile (0.6.0)
    multi_json (1.10.1)
    multi_xml (0.5.5)
    multipart-post (2.0.0)
    nokogiri (1.6.2.1)
      mini_portile (= 0.6.0)
    rake (10.0.2)
    trollop (2.0)
    yajl-ruby (1.2.1)
    zookeeper (1.4.8)

PLATFORMS
  ruby

DEPENDENCIES
  librato-storm-kafka!
  rake
