PATH
  remote: .
  specs:
    librato-storm-kafka (0.0.2)
      excon
      faraday_middleware
      kafka-rb
      librato-metrics
      multi_xml
      trollop
      yajl-ruby
      zookeeper

GEM
  remote: http://rubygems.org/
  specs:
    aggregate (0.2.2)
    excon (0.31.0)
    faraday (0.8.9)
      multipart-post (~> 1.2.0)
    faraday_middleware (0.9.0)
      faraday (>= 0.7.4, < 0.9)
    kafka-rb (0.0.15)
    librato-metrics (1.3.0)
      aggregate (~> 0.2.2)
      faraday (~> 0.7)
      multi_json
    multi_json (1.8.4)
    multi_xml (0.5.5)
    multipart-post (1.2.0)
    rake (10.0.2)
    trollop (2.0)
    yajl-ruby (1.2.0)
    zookeeper (1.4.8)

PLATFORMS
  ruby

DEPENDENCIES
  librato-storm-kafka!
  rake
